GEM
  remote: https://rubygems.org/
  specs:
    awesome_print (1.8.0)
    mini_portile2 (2.4.0)
    nokogiri (1.10.4)
      mini_portile2 (~> 2.4.0)

PLATFORMS
  ruby

DEPENDENCIES
  awesome_print (> 0)
  nokogiri (> 0)

BUNDLED WITH
   1.17.3
